PATH
  remote: .
  specs:
    rack-maintenance (2.1.0)
      rack (>= 1.0)

GEM
  remote: http://rubygems.org/
  specs:
    diff-lcs (1.2.5)
    rack (1.6.4)
    rake (10.1.1)
    rspec (2.14.1)
      rspec-core (~> 2.14.0)
      rspec-expectations (~> 2.14.0)
      rspec-mocks (~> 2.14.0)
    rspec-core (2.14.7)
    rspec-expectations (2.14.5)
      diff-lcs (>= 1.1.3, < 2.0)
    rspec-mocks (2.14.5)

PLATFORMS
  ruby

DEPENDENCIES
  rack-maintenance!
  rake
  rspec (>= 2.0)

BUNDLED WITH
   1.12.5
